NUGET
  remote: http://www.nuget.org/api/v2
  specs:
    Castle.Core (3.3.3)
    JetBrains.Annotations (10.0)
    ModernUI.WPF (1.0.9)
    Moq (4.2.1510.2205)
    NUnit (2.6.4)
    StyleCop.Analyzers (1.0)
    TestStack.White (0.13.3)
      Castle.Core (>= 3.3)
