FRAMEWORK: >= NET45

GROUP Analyzers
FRAMEWORK: >= NET45
NUGET
  remote: http://www.nuget.org/api/v2
    JetBrains.Annotations (10.1.5)
    StyleCop.Analyzers (1.0)
    WpfAnalyzers (0.1.6.3-dev)

GROUP Demo
FRAMEWORK: >= NET45
NUGET
  remote: http://www.nuget.org/api/v2
    ModernUI.WPF (1.0.9)

GROUP Test
FRAMEWORK: >= NET45
NUGET
  remote: http://www.nuget.org/api/v2
    Castle.Core (3.3.3)
    Moq (4.5.22)
      Castle.Core (>= 3.3.3)
    NUnit (3.4.1)
    TestStack.White (0.13.3)
      Castle.Core (>= 3.3)
