FRAMEWORK: >= NET45
NUGET
  remote: http://www.nuget.org/api/v2
    Castle.Core (3.3.3)
    JetBrains.Annotations (10.1.5)
    ModernUI.WPF (1.0.9)
    Moq (4.5.16)
      Castle.Core (>= 3.3.3)
    NUnit (3.4.1)
    StyleCop.Analyzers (1.0)
    TestStack.White (0.13.3)
      Castle.Core (>= 3.3)
