NUGET
  remote: http://www.nuget.org/api/v2
  specs:
    JetBrains.Annotations (10.0)
    ModernUI.WPF (1.0.9)
    Moq (4.2.1510.2205)
    NUnit (2.6.4)
    StyleCop.Analyzers (1.0)
