NUGET
  remote: https://nuget.org/api/v2
  specs:
    JetBrains.Annotations (10.0.0)
    ModernUI.WPF (1.0.6)
    Moq (4.2.1510.2205)
    NUnit (3.0.0)
