NUGET
  remote: http://www.nuget.org/api/v2
  specs:
    Castle.Core (3.3.3)
    JetBrains.Annotations (10.1.4)
      System.Runtime (>= 4.0) - framework: dnxcore50
    ModernUI.WPF (1.0.9)
    Moq (4.2.1510.2205)
    NUnit (3.2)
    StyleCop.Analyzers (1.0)
    System.Private.Uri (4.0) - framework: dnxcore50
    System.Runtime (4.0.20) - framework: dnxcore50
      System.Private.Uri (>= 4.0) - framework: dnxcore50
    TestStack.White (0.13.3)
      Castle.Core (>= 3.3)
